PATH
  remote: .
  specs:
    vkdonate (1.0.0)

GEM
  remote: https://rubygems.org/
  specs:
    json (2.2.0)
    minitest (5.11.3)
    rake (12.3.3)

PLATFORMS
  x64-mingw32

DEPENDENCIES
  bundler (~> 2.0)
  json (~> 2.2)
  minitest (~> 5.0)
  rake (~> 12.0)
  vkdonate!

BUNDLED WITH
   2.0.2
